GEM
  remote: https://rubygems.org/
  specs:
    ansi (1.5.0)
    builder (3.2.2)
    minitest (5.9.0)
    minitest-reporters (1.1.9)
      ansi
      builder
      minitest (>= 5.0)
      ruby-progressbar
    rake (10.4.2)
    ruby-progressbar (1.8.1)

PLATFORMS
  ruby

DEPENDENCIES
  minitest (~> 5.8, >= 5.8.4)
  minitest-reporters (~> 1.1, >= 1.1.9)
  rake (~> 10.4, >= 10.4.2)

RUBY VERSION
   ruby 2.3.1p112

BUNDLED WITH
   1.12.5
